GEM
  remote: https://rubygems.org/
  specs:
    google-protobuf (3.6.1)
    googleapis-common-protos-types (1.0.2)
      google-protobuf (~> 3.0)
    grpc (1.16.0)
      google-protobuf (~> 3.1)
      googleapis-common-protos-types (~> 1.0.0)
    openssl (2.1.2)

PLATFORMS
  ruby

DEPENDENCIES
  grpc
  openssl

BUNDLED WITH
   1.17.1
